GEM
  remote: http://rubygems.org/
  specs:
    addressable (2.3.8)
    byebug (8.2.5)
    facebook-messenger (0.6.0)
      httparty (~> 0.13.7)
      rack (>= 1.6.4)
    httparty (0.13.7)
      json (~> 1.8)
      multi_xml (>= 0.5.2)
    json (1.8.3)
    mime-types (1.25.1)
    multi_xml (0.5.5)
    rack (1.6.4)
    rest-client (1.6.9)
      mime-types (~> 1.16)
    unirest (1.1.2)
      addressable (~> 2.3.5)
      json (~> 1.8.1)
      rest-client (~> 1.6.7)

PLATFORMS
  ruby

DEPENDENCIES
  byebug
  facebook-messenger
  unirest
